GEM
  remote: http://rubygems.org/
  specs:
    qif (1.1.2)

PLATFORMS
  ruby

DEPENDENCIES
  qif
