GEM
  remote: http://rubygems.org/
  specs:
    addressable (2.3.8)
    blankslate (3.1.3)
    capybara (2.5.0)
      mime-types (>= 1.16)
      nokogiri (>= 1.3.3)
      rack (>= 1.0.0)
      rack-test (>= 0.5.4)
      xpath (~> 2.0)
    capybara-webkit (1.7.1)
      capybara (>= 2.3.0, < 2.6.0)
      json
    coderay (1.1.0)
    domain_name (0.5.16)
      unf (>= 0.0.5, < 1.0.0)
    exchange (1.2.2)
      nokogiri (~> 1, >= 1.0.0)
    ffi (1.9.10)
    hpricot (0.8.6)
    http-cookie (1.0.2)
      domain_name (~> 0.5)
    json (1.8.3)
    launchy (2.4.3)
      addressable (~> 2.3)
    mechanize (2.7.3)
      domain_name (~> 0.5, >= 0.5.1)
      http-cookie (~> 1.0)
      mime-types (~> 2.0)
      net-http-digest_auth (~> 1.1, >= 1.1.1)
      net-http-persistent (~> 2.5, >= 2.5.2)
      nokogiri (~> 1.4)
      ntlm-http (~> 0.1, >= 0.1.1)
      webrobots (>= 0.0.9, < 0.2)
    method_source (0.8.2)
    mime-types (2.1)
    net-http-digest_auth (1.4)
    net-http-persistent (2.9.4)
    nokogiri (1.5.6)
    ntlm-http (0.1.1)
    pry (0.10.3)
      coderay (~> 1.1.0)
      method_source (~> 0.8.1)
      slop (~> 3.4)
    qif (1.1.2)
    rack (1.6.4)
    rack-test (0.6.3)
      rack (>= 1.0)
    rubypython (0.6.3)
      blankslate (>= 2.1.2.3)
      ffi (>= 1.0.7)
    slop (3.6.0)
    unf (0.1.3)
      unf_ext
    unf_ext (0.0.6)
    webrobots (0.1.1)
    xpath (2.0.0)
      nokogiri (~> 1.3)

PLATFORMS
  ruby

DEPENDENCIES
  capybara
  capybara-webkit
  exchange
  hpricot
  launchy
  mechanize
  pry
  qif
  rubypython

BUNDLED WITH
   1.10.6
